GEM
  remote: https://rubygems.org/
  specs:
    facter (2.5.7)
    hiera (1.3.4)
      json_pure
    json_pure (2.3.1)
    mina (0.3.0)
      open4
      rake
    open4 (1.3.0)
    pit (0.0.7)
    puppet (3.6.2)
      facter (> 1.6, < 3)
      hiera (~> 1.0)
      json_pure
      rgen (~> 0.6.5)
    rake (10.1.1)
    rgen (0.6.6)

PLATFORMS
  ruby

DEPENDENCIES
  mina
  pit
  puppet
